GEM
  remote: http://rubygems.org/
  specs:
    activesupport (3.1.12)
      multi_json (~> 1.0)
    childprocess (0.5.3)
      ffi (~> 1.0, >= 1.0.11)
    data_magic (0.19)
      faker (>= 1.1.2)
      yml_reader (>= 0.3)
    faker (1.4.3)
      i18n (~> 0.5)
    ffi (1.9.3-x86-mingw32)
    i18n (0.6.11)
    multi_json (1.10.1)
    page-object (0.9.4)
      page_navigation (>= 0.8)
      selenium-webdriver (>= 2.37.0)
      watir-webdriver (>= 0.6.4)
    page_navigation (0.9)
      data_magic (>= 0.14)
    rails_config (0.3.4)
      activesupport (>= 3.0)
    rake (10.1.0)
    rubyzip (1.1.6)
    selenium-webdriver (2.42.0)
      childprocess (>= 0.5.0)
      multi_json (~> 1.0)
      rubyzip (~> 1.0)
      websocket (~> 1.0.4)
    watir-webdriver (0.6.10)
      selenium-webdriver (>= 2.18.0)
    websocket (1.0.7)
    yml_reader (0.3)

PLATFORMS
  x86-mingw32

DEPENDENCIES
  activesupport (= 3.1.12)
  page-object (= 0.9.4)
  rails_config (~> 0.3.3)
  rake (= 10.1.0)
